GEM
  remote: https://rubygems.org/
  specs:
    colorize (0.5.8)
    dalli (2.6.4)
    thor (0.18.1)

PLATFORMS
  ruby

DEPENDENCIES
  colorize
  dalli
  thor
