GEM
  remote: https://rubygems.org/
  specs:
    colorize (0.8.1)
    concurrent-ruby (1.0.5)
    dalli (2.7.8)
    faker (1.9.1)
      i18n (>= 0.7)
    i18n (1.1.0)
      concurrent-ruby (~> 1.0)
    memcache_check (0.2.0)
      dalli
      faker
    thor (0.20.0)

PLATFORMS
  ruby

DEPENDENCIES
  colorize
  dalli
  memcache_check
  thor

BUNDLED WITH
   1.16.3
