GEM
  remote: https://rubygems.org/
  specs:
    dalli (2.6.4)
    thor (0.18.1)

PLATFORMS
  ruby

DEPENDENCIES
  dalli
  thor
